PATH
  remote: .
  specs:
    argentinian-validations (0.1.0)

GEM
  remote: https://rubygems.org/
  specs:
    ast (2.4.1)
    byebug (11.1.3)
    diff-lcs (1.3)
    docile (1.3.2)
    jaro_winkler (1.5.4)
    parallel (1.19.1)
    parser (2.7.1.3)
      ast (~> 2.4.0)
    rack (2.2.2)
    rainbow (3.0.0)
    rake (13.0.1)
    rexml (3.2.4)
    rspec (3.9.0)
      rspec-core (~> 3.9.0)
      rspec-expectations (~> 3.9.0)
      rspec-mocks (~> 3.9.0)
    rspec-core (3.9.0)
      rspec-support (~> 3.9.0)
    rspec-expectations (3.9.0)
      diff-lcs (>= 1.2.0, < 2.0)
      rspec-support (~> 3.9.0)
    rspec-mocks (3.9.0)
      diff-lcs (>= 1.2.0, < 2.0)
      rspec-support (~> 3.9.0)
    rspec-support (3.9.0)
    rubocop (0.82.0)
      jaro_winkler (~> 1.5.1)
      parallel (~> 1.10)
      parser (>= 2.7.0.1)
      rainbow (>= 2.2.2, < 4.0)
      rexml
      ruby-progressbar (~> 1.7)
      unicode-display_width (>= 1.4.0, < 2.0)
    rubocop-performance (1.5.0)
      rubocop (>= 0.71.0)
    rubocop-rails (2.3.2)
      rack (>= 1.1)
      rubocop (>= 0.72.0)
    rubocop-rspec (1.40.0)
      rubocop (>= 0.68.1)
    ruby-progressbar (1.10.1)
    simplecov (0.18.5)
      docile (~> 1.1)
      simplecov-html (~> 0.11)
    simplecov-html (0.12.2)
    unicode-display_width (1.7.0)

PLATFORMS
  ruby

DEPENDENCIES
  argentinian-validations!
  bundler (~> 2.1)
  byebug (~> 11.1)
  rake (~> 13.0)
  rspec (~> 3.8)
  rubocop (~> 0.82)
  rubocop-performance (~> 1.4)
  rubocop-rails (~> 2.3)
  rubocop-rspec (~> 1.40)
  simplecov (~> 0.18.5)

BUNDLED WITH
   1.17.3
